GEM
  remote: https://rubygems.org/
  specs:
    activesupport (3.2.8)
      i18n (~> 0.6)
      multi_json (~> 1.0)
    faraday (0.8.4)
      multipart-post (~> 1.1)
    faraday_middleware (0.8.8)
      faraday (>= 0.7.4, < 0.9)
    hashie (1.2.0)
    httpclient (2.3.0.1)
    i18n (0.6.1)
    json (1.7.5)
    kiita (0.1.0)
      activesupport (>= 3.0.0)
      httpclient
      oj
    multi_json (1.3.6)
    multipart-post (1.1.5)
    nokogiri (1.5.5)
    oj (1.4.2)
    qiita (0.0.3)
      faraday (~> 0.8)
      faraday_middleware (~> 0.8)
      hashie (~> 1.2)
      json (~> 1.7)
    sanitize (2.0.3)
      nokogiri (>= 1.4.4, < 1.6)
    slop (3.3.3)

PLATFORMS
  ruby

DEPENDENCIES
  hashie
  kiita
  qiita
  sanitize
  slop
