GEM
  remote: https://rubygems.org/
  specs:
    hashie (1.2.0)
    nokogiri (1.5.5)
    sanitize (2.0.3)
      nokogiri (>= 1.4.4, < 1.6)
    slop (3.3.3)

PLATFORMS
  ruby

DEPENDENCIES
  hashie
  sanitize
  slop
