GEM
  remote: https://rubygems.org/
  specs:
    faraday (0.8.4)
      multipart-post (~> 1.1)
    faraday_middleware (0.8.8)
      faraday (>= 0.7.4, < 0.9)
    hashie (1.2.0)
    json (1.7.5)
    multipart-post (1.1.5)
    nokogiri (1.5.5)
    qiita (0.0.3)
      faraday (~> 0.8)
      faraday_middleware (~> 0.8)
      hashie (~> 1.2)
      json (~> 1.7)
    sanitize (2.0.3)
      nokogiri (>= 1.4.4, < 1.6)
    slop (3.3.3)

PLATFORMS
  ruby

DEPENDENCIES
  hashie
  qiita
  sanitize
  slop
